GEM
  remote: https://rubygems.org/
  specs:
    activemodel (6.0.0.beta3)
      activesupport (= 6.0.0.beta3)
    activerecord (6.0.0.beta3)
      activemodel (= 6.0.0.beta3)
      activesupport (= 6.0.0.beta3)
    activesupport (6.0.0.beta3)
      concurrent-ruby (~> 1.0, >= 1.0.2)
      i18n (>= 0.7, < 2)
      minitest (~> 5.1)
      tzinfo (~> 1.1)
      zeitwerk (~> 1.3, >= 1.3.1)
    concurrent-ruby (1.1.5)
    i18n (1.6.0)
      concurrent-ruby (~> 1.0)
    json (2.0.4)
    minitest (5.11.3)
    mustermann (1.0.3)
    rack (2.0.6)
    rack-protection (2.0.5)
      rack
    rake (12.3.2)
    sinatra (2.0.5)
      mustermann (~> 1.0)
      rack (~> 2.0)
      rack-protection (= 2.0.5)
      tilt (~> 2.0)
    sqlite3 (1.3.13)
    thread_safe (0.3.6)
    tilt (2.0.9)
    tzinfo (1.2.5)
      thread_safe (~> 0.1)
    zeitwerk (1.3.4)

PLATFORMS
  ruby

DEPENDENCIES
  activerecord (= 6.0.0.beta3)!
  json (~> 2.0.2)!
  rake (~> 12.3.2)!
  sinatra (~> 2.0.0)!
  sqlite3 (~> 1.3.6)!

BUNDLED WITH
   1.17.2
